NUGET
  remote: https://www.nuget.org/api/v2
    RSG.Promise (1.2.2)
